GIT
  remote: git://github.com/opscode/omnibus-ruby.git
  revision: 4f7a651149b496e6d9b30954238d201d6146ec8e
  branch: sethvargo/refactor_fetcher
  specs:
    omnibus (3.2.0.rc.2)
      bundler
      chef-sugar (~> 1.2)
      fpm (~> 0.4)
      mixlib-shellout (~> 1.4)
      ohai (~> 7.2.0.rc)
      thor (~> 0.18)
      uber-s3

GIT
  remote: git://github.com/opscode/omnibus-software.git
  revision: 2904036a399b7e7b037068d4b47468e20408c3ee
  branch: master
  specs:
    omnibus-software (0.0.1)

GEM
  remote: https://rubygems.org/
  specs:
    addressable (2.3.6)
    arr-pm (0.0.9)
      cabin (> 0)
    backports (3.6.0)
    cabin (0.6.1)
    chef-sugar (1.3.0)
    childprocess (0.5.3)
      ffi (~> 1.0, >= 1.0.11)
    clamp (0.6.3)
    ffi (1.9.3)
    ffi-yajl (1.0.1)
      ffi (~> 1.5)
      libyajl2 (~> 1.0)
    fpm (0.4.42)
      arr-pm (~> 0.0.8)
      backports (>= 2.6.2)
      cabin (>= 0.6.0)
      childprocess
      clamp (~> 0.6)
      ftw (~> 0.0.30)
      json (>= 1.7.7)
    ftw (0.0.39)
      addressable
      backports (>= 2.6.2)
      cabin (> 0)
      http_parser.rb (= 0.5.3)
    http_parser.rb (0.5.3)
    ipaddress (0.8.0)
    json (1.8.1)
    libyajl2 (1.0.1)
    mime-types (1.25.1)
    mixlib-cli (1.5.0)
    mixlib-config (2.1.0)
    mixlib-log (1.6.0)
    mixlib-shellout (1.4.0)
    ohai (7.2.0.rc.2)
      ffi (~> 1.9)
      ffi-yajl
      ipaddress
      mime-types (~> 1.16)
      mixlib-cli
      mixlib-config (~> 2.0)
      mixlib-log
      mixlib-shellout (~> 1.2)
      systemu (~> 2.6.4)
      wmi-lite (~> 1.0)
    systemu (2.6.4)
    thor (0.19.1)
    uber-s3 (0.2.4)
      mime-types (~> 1.17)
    wmi-lite (1.0.0)

PLATFORMS
  ruby

DEPENDENCIES
  omnibus!
  omnibus-software!
