GIT
  remote: git://github.com/opscode/omnibus-software.git
  revision: ffa555ff5007cb6db55025a9fec37ca965a38beb
  branch: master
  specs:
    omnibus-software (0.0.1)

GEM
  remote: https://rubygems.org/
  specs:
    addressable (2.3.5)
    arr-pm (0.0.9)
      cabin (> 0)
    backports (3.6.0)
    cabin (0.6.1)
    childprocess (0.5.1)
      ffi (~> 1.0, >= 1.0.11)
    clamp (0.6.3)
    ffi (1.9.3)
    fpm (1.0.2)
      arr-pm (~> 0.0.8)
      backports (>= 2.6.2)
      cabin (>= 0.6.0)
      childprocess
      clamp (~> 0.6)
      ffi
      ftw (~> 0.0.30)
      json (>= 1.7.7)
    ftw (0.0.39)
      addressable
      backports (>= 2.6.2)
      cabin (> 0)
      http_parser.rb (= 0.5.3)
    http_parser.rb (0.5.3)
    ipaddress (0.8.0)
    json (1.8.1)
    mime-types (1.25.1)
    mixlib-cli (1.4.0)
    mixlib-config (2.1.0)
    mixlib-log (1.6.0)
    mixlib-shellout (1.3.0)
    ohai (6.20.0)
      ipaddress
      mixlib-cli
      mixlib-config
      mixlib-log
      mixlib-shellout
      systemu (~> 2.5.2)
      yajl-ruby
    omnibus (2.0.0.rc1)
      fpm (~> 1.0.0)
      mixlib-config (~> 2.1)
      mixlib-shellout (~> 1.3)
      ohai (~> 6.12)
      rake
      thor (>= 0.16.0)
      uber-s3
    rake (10.1.1)
    systemu (2.5.2)
    thor (0.18.1)
    uber-s3 (0.2.4)
      mime-types (~> 1.17)
    yajl-ruby (1.2.0)

PLATFORMS
  ruby

DEPENDENCIES
  omnibus (>= 2.0.0.rc1)
  omnibus-software!
