GIT
  remote: git://github.com/opscode/omnibus-ruby.git
  revision: 6fa5ab234f31fd2438bf2a00644039941fc725f5
  branch: master
  specs:
    omnibus (0.5.3)
      fpm (= 0.3.11)
      mixlib-shellout (~> 1.0)
      ohai (>= 0.6.12)
      rake (>= 0.9)
      thor (= 0.17.0)
      uber-s3

GIT
  remote: git://github.com/opscode/omnibus-software.git
  revision: 280ba8579ba883c853136c884423622337242689
  branch: master
  specs:
    omnibus-software (0.0.1)

GEM
  remote: http://rubygems.org/
  specs:
    archive-tar-minitar (0.5.2)
    childprocess (0.3.2)
      ffi (~> 1.0.6)
    erubis (2.7.0)
    ffi (1.0.11)
    fpm (0.3.11)
      json
    i18n (0.6.0)
    ipaddress (0.8.0)
    json (1.5.4)
    log4r (1.1.10)
    mime-types (1.19)
    mixlib-cli (1.3.0)
    mixlib-config (1.1.2)
    mixlib-log (1.4.1)
    mixlib-shellout (1.1.0)
    mixlib-shellout (1.1.0-x86-mingw32)
      win32-process (~> 0.6.5)
    net-scp (1.0.4)
      net-ssh (>= 1.99.1)
    net-ssh (2.2.2)
    ohai (6.16.0)
      ipaddress
      mixlib-cli
      mixlib-config
      mixlib-log
      mixlib-shellout
      systemu
      yajl-ruby
    rake (10.0.3)
    systemu (2.5.2)
    thor (0.17.0)
    uber-s3 (0.2.4)
      mime-types (~> 1.17)
    vagrant (1.0.5)
      archive-tar-minitar (= 0.5.2)
      childprocess (~> 0.3.1)
      erubis (~> 2.7.0)
      i18n (~> 0.6.0)
      json (~> 1.5.1)
      log4r (~> 1.1.9)
      net-scp (~> 1.0.4)
      net-ssh (~> 2.2.2)
    win32-api (1.4.8-x86-mingw32)
    win32-process (0.6.6)
      windows-pr (>= 1.2.2)
    windows-api (0.4.2)
      win32-api (>= 1.4.5)
    windows-pr (1.2.2)
      win32-api (>= 1.4.5)
      windows-api (>= 0.3.0)
    yajl-ruby (1.1.0)
    yajl-ruby (1.1.0-x86-mingw32)

PLATFORMS
  ruby
  x86-mingw32

DEPENDENCIES
  omnibus!
  omnibus-software!
  vagrant (~> 1.0)
