GIT
  remote: git://github.com/opscode/omnibus-ruby.git
  revision: 36ab85f251aee311b43c60838343a587ec438f24
  branch: master
  specs:
    omnibus (4.0.0.alpha)
      chef-sugar (~> 2.1)
      mixlib-shellout (~> 1.4)
      ohai (~> 7.2)
      thor (~> 0.18)
      uber-s3

GIT
  remote: git://github.com/opscode/omnibus-software.git
  revision: a86b0f1335ccb823d2c7f7d691be5b0395a7476a
  branch: master
  specs:
    omnibus-software (0.0.1)

GEM
  remote: https://rubygems.org/
  specs:
    chef-sugar (2.1.0)
    ffi (1.9.3)
    ffi-yajl (1.0.2)
      ffi (~> 1.5)
      libyajl2 (~> 1.0)
    ipaddress (0.8.0)
    libyajl2 (1.0.1)
    mime-types (1.25.1)
    mixlib-cli (1.5.0)
    mixlib-config (2.1.0)
    mixlib-log (1.6.0)
    mixlib-shellout (1.4.0)
    ohai (7.2.0)
      ffi (~> 1.9)
      ffi-yajl (~> 1.0)
      ipaddress
      mime-types (~> 1.16)
      mixlib-cli
      mixlib-config (~> 2.0)
      mixlib-log
      mixlib-shellout (~> 1.2)
      systemu (~> 2.6.4)
      wmi-lite (~> 1.0)
    systemu (2.6.4)
    thor (0.19.1)
    uber-s3 (0.2.4)
      mime-types (~> 1.17)
    wmi-lite (1.0.0)

PLATFORMS
  ruby

DEPENDENCIES
  omnibus!
  omnibus-software!
